GEM
  remote: https://rubygems.org/
  specs:
    docile (1.1.5)
    httparty (0.15.6)
      multi_xml (>= 0.5.2)
    json (2.1.0)
    mini_portile2 (2.3.0)
    multi_xml (0.6.0)
    nokogiri (1.8.1)
      mini_portile2 (~> 2.3.0)
    power_assert (1.1.0)
    simplecov (0.15.1)
      docile (~> 1.1.0)
      json (>= 1.8, < 3)
      simplecov-html (~> 0.10.0)
    simplecov-html (0.10.2)
    test-unit (3.2.6)
      power_assert

PLATFORMS
  ruby

DEPENDENCIES
  httparty
  json
  nokogiri
  simplecov
  test-unit

BUNDLED WITH
   1.15.4
