GEM
  remote: https://rubygems.org/
  specs:
    daemons (1.2.4)
    docile (1.1.5)
    eventmachine (1.2.5)
    graphviz (0.4.0)
    gruff (0.7.0)
      rmagick (~> 2.13, >= 2.13.4)
    httparty (0.15.6)
      multi_xml (>= 0.5.2)
    json (2.1.0)
    mini_portile2 (2.3.0)
    multi_xml (0.6.0)
    mustermann (1.0.1)
    nokogiri (1.8.1)
      mini_portile2 (~> 2.3.0)
    power_assert (1.1.0)
    rack (2.0.3)
    rack-protection (2.0.0)
      rack
    rmagick (2.16.0)
    simplecov (0.15.1)
      docile (~> 1.1.0)
      json (>= 1.8, < 3)
      simplecov-html (~> 0.10.0)
    simplecov-html (0.10.2)
    sinatra (2.0.0)
      mustermann (~> 1.0)
      rack (~> 2.0)
      rack-protection (= 2.0.0)
      tilt (~> 2.0)
    test-unit (3.2.6)
      power_assert
    thin (1.7.2)
      daemons (~> 1.0, >= 1.0.9)
      eventmachine (~> 1.0, >= 1.0.4)
      rack (>= 1, < 3)
    tilt (2.0.8)

PLATFORMS
  ruby

DEPENDENCIES
  graphviz
  gruff
  httparty
  json
  nokogiri
  simplecov
  sinatra
  test-unit
  thin

BUNDLED WITH
   1.15.4
